PATH
  remote: .
  specs:
    docbrown (0.0.1)
      clamp (~> 0.6)
      colorize (~> 0.7)
      xcodeproj (~> 0.17)

GEM
  remote: https://rubygems.org/
  specs:
    CFPropertyList (2.2.8)
    activesupport (3.2.19)
      i18n (~> 0.6, >= 0.6.4)
      multi_json (~> 1.0)
    clamp (0.6.3)
    coderay (1.1.0)
    colored (1.2)
    colorize (0.7.3)
    diff-lcs (1.2.5)
    i18n (0.6.11)
    method_source (0.8.2)
    multi_json (1.10.1)
    pry (0.10.1)
      coderay (~> 1.1.0)
      method_source (~> 0.8.1)
      slop (~> 3.4)
    rake (10.3.2)
    rspec (2.99.0)
      rspec-core (~> 2.99.0)
      rspec-expectations (~> 2.99.0)
      rspec-mocks (~> 2.99.0)
    rspec-core (2.99.2)
    rspec-expectations (2.99.2)
      diff-lcs (>= 1.1.3, < 2.0)
    rspec-mocks (2.99.2)
    slop (3.6.0)
    xcodeproj (0.19.2)
      CFPropertyList (~> 2.2)
      activesupport (~> 3.0)
      colored (~> 1.2)

PLATFORMS
  ruby

DEPENDENCIES
  bundler (~> 1.6)
  docbrown!
  pry (~> 0.9)
  rake (~> 10.3)
  rspec (~> 2.14)
